GEM
  remote: http://rubygems.org/
  specs:
    json (1.5.1)
    rack (1.2.2)
    sinatra (1.2.6)
      rack (~> 1.1)
      tilt (< 2.0, >= 1.2.2)
    tdb (0.5.0)
    tilt (1.3)

PLATFORMS
  ruby

DEPENDENCIES
  json
  sinatra
  tdb
